PATH
  remote: .
  specs:
    disney_rides (0.1.0)
      nokogiri (~> 1.8)
      watir (~> 6.0)

GEM
  remote: https://rubygems.org/
  specs:
    childprocess (0.8.0)
      ffi (~> 1.0, >= 1.0.11)
    coderay (1.1.2)
    ffi (1.9.18)
    method_source (0.9.0)
    mini_portile2 (2.3.0)
    nokogiri (1.8.1)
      mini_portile2 (~> 2.3.0)
    pry (0.11.3)
      coderay (~> 1.1.0)
      method_source (~> 0.9.0)
    rake (10.5.0)
    rubyzip (1.2.1)
    selenium-webdriver (3.7.0)
      childprocess (~> 0.5)
      rubyzip (~> 1.0)
    watir (6.9.1)
      selenium-webdriver (~> 3.4, >= 3.4.1)

PLATFORMS
  ruby

DEPENDENCIES
  bundler (~> 1.16)
  disney_rides!
  pry
  rake (~> 10.0)

BUNDLED WITH
   1.16.0
